GIT
  remote: https://github.com/maccman/sprockets-memcache-store.git
  revision: d972b64a413fe5d6ec40126493afcd09e0178454
  specs:
    sprockets-memcache-store (0.0.4)
      dalli
      sprockets (~> 3.5)

GEM
  remote: https://rubygems.org/
  specs:
    closure-compiler (1.1.14)
    concurrent-ruby (1.1.5)
    daemons (1.3.1)
    dalli (2.7.10)
    erubis (2.7.0)
    eventmachine (1.2.7)
    execjs (2.7.0)
    memcachier (0.0.2)
    mustermann (2.0.2)
      ruby2_keywords (~> 0.0.1)
    nestful (1.1.3)
    rack (2.2.4)
    rack-protection (2.2.3)
      rack
    rake (12.3.2)
    ruby2_keywords (0.0.5)
    sinatra (2.2.3)
      mustermann (~> 2.0)
      rack (~> 2.2)
      rack-protection (= 2.2.3)
      tilt (~> 2.0)
    sprockets (3.7.2)
      concurrent-ruby (~> 1.0)
      rack (> 1, < 3)
    stylus (1.0.2)
      execjs
      stylus-source
    stylus-source (0.54.5)
    thin (1.7.2)
      daemons (~> 1.0, >= 1.0.9)
      eventmachine (~> 1.0, >= 1.0.4)
      rack (>= 1, < 3)
    tilt (2.0.11)
    uglifier (4.1.20)
      execjs (>= 0.3.0, < 3)
    yui-compressor (0.12.0)

PLATFORMS
  ruby

DEPENDENCIES
  closure-compiler
  dalli
  erubis
  memcachier
  nestful
  rake
  sinatra
  sprockets
  sprockets-memcache-store!
  stylus
  thin
  uglifier
  yui-compressor

RUBY VERSION
   ruby 2.5.0p0

BUNDLED WITH
   2.0.1
